PATH
  remote: .
  specs:
    rails_simple_config (0.0.5)

GEM
  remote: http://rubygems.org/
  specs:

PLATFORMS
  ruby

DEPENDENCIES
  rails_simple_config!
